PATH
  remote: .
  specs:
    steveh-geokit (1.6.0)
      activesupport (~> 3)

GEM
  remote: http://rubygems.org/
  specs:
    activesupport (3.0.4)
    mocha (0.9.12)

PLATFORMS
  ruby

DEPENDENCIES
  activesupport (~> 3)
  mocha (>= 0.9)
  steveh-geokit!
