PATH
  remote: .
  specs:
    geokit (1.5.0)

GEM
  remote: http://rubygems.org/
  specs:
    mocha (0.9.12)

PLATFORMS
  ruby

DEPENDENCIES
  geokit!
  mocha
